GIT
  remote: https://github.com/le-phare/capistrano-lephare.git
  revision: 2d03fa1d5ec6dc86b129d75164784d03ef9196d1
  specs:
    capistrano-lephare (0.0.1)
      capistrano (>= 3.0.0.pre)

GEM
  remote: https://rubygems.org/
  specs:
    airbrussh (1.4.0)
      sshkit (>= 1.6.1, != 1.7.0)
    bcrypt_pbkdf (1.0.1)
    capistrano (3.13.0)
      airbrussh (>= 1.0.0)
      i18n
      rake (>= 10.0.0)
      sshkit (>= 1.9.0)
    capistrano-composer (0.0.6)
      capistrano (>= 3.0.0.pre)
    capistrano-copy-files (0.0.1)
      capistrano (>= 3.0.0)
    capistrano-file-permissions (1.0.0)
      capistrano (~> 3.0)
    capistrano-pending (0.2.0)
      capistrano (>= 3.2.0)
    capistrano-symfony (2.0.0)
      capistrano (~> 3.1)
      capistrano-composer (~> 0.0.3)
      capistrano-file-permissions (~> 1.0)
    concurrent-ruby (1.1.6)
    ed25519 (1.2.4)
    i18n (1.8.2)
      concurrent-ruby (~> 1.0)
    net-scp (3.0.0)
      net-ssh (>= 2.6.5, < 7.0.0)
    net-ssh (6.0.2)
    rake (13.0.1)
    sshkit (1.21.0)
      net-scp (>= 1.1.2)
      net-ssh (>= 2.8.0)

PLATFORMS
  ruby

DEPENDENCIES
  bcrypt_pbkdf (>= 1.0, < 2.0)
  capistrano
  capistrano-composer
  capistrano-copy-files
  capistrano-lephare!
  capistrano-pending
  capistrano-symfony
  ed25519 (>= 1.2, < 2.0)

BUNDLED WITH
   2.1.4
