GIT
  remote: https://github.com/le-phare/capistrano-lephare.git
  revision: 453ec8befe443fb5753149c8577ec32af13cff1c
  specs:
    capistrano-lephare (0.0.1)
      capistrano (>= 3.0.0.pre)

GEM
  remote: https://rubygems.org/
  specs:
    airbrussh (1.3.2)
      sshkit (>= 1.6.1, != 1.7.0)
    bcrypt_pbkdf (1.0.1)
    capistrano (3.11.0)
      airbrussh (>= 1.0.0)
      i18n
      rake (>= 10.0.0)
      sshkit (>= 1.9.0)
    capistrano-composer (0.0.6)
      capistrano (>= 3.0.0.pre)
    capistrano-copy-files (0.0.1)
      capistrano (>= 3.0.0)
    capistrano-file-permissions (1.0.0)
      capistrano (~> 3.0)
    capistrano-pending (0.2.0)
      capistrano (>= 3.2.0)
    capistrano-symfony (1.0.0)
      capistrano (~> 3.1)
      capistrano-composer (~> 0.0.3)
      capistrano-file-permissions (~> 1.0)
    concurrent-ruby (1.1.5)
    ed25519 (1.2.4)
    i18n (1.6.0)
      concurrent-ruby (~> 1.0)
    net-scp (2.0.0)
      net-ssh (>= 2.6.5, < 6.0.0)
    net-ssh (5.2.0)
    rake (12.3.3)
    sshkit (1.20.0)
      net-scp (>= 1.1.2)
      net-ssh (>= 2.8.0)

PLATFORMS
  ruby

DEPENDENCIES
  bcrypt_pbkdf (>= 1.0, < 2.0)
  capistrano
  capistrano-composer
  capistrano-copy-files
  capistrano-lephare!
  capistrano-pending
  capistrano-symfony
  ed25519 (>= 1.2, < 2.0)

BUNDLED WITH
   2.0.2
